GEM
  remote: https://rubygems.org/
  specs:
    crxmake (2.1.3)
      zip (~> 2.0.2)
    rubyzip (1.2.1)
    zip (2.0.2)

PLATFORMS
  ruby

DEPENDENCIES
  crxmake
  rubyzip (~> 1.2.1)

BUNDLED WITH
   2.2.29
