GEM
  remote: https://rubygems.org/
  specs:
    crxmake (2.1.3)
      zip (~> 2.0.2)
    rubyzip (1.3.0)
    zip (2.0.2)

PLATFORMS
  ruby

DEPENDENCIES
  crxmake
  rubyzip (~> 1.3.0)

BUNDLED WITH
   1.16.1
